GEM
  remote: https://rubygems.org/
  specs:
    equatable (0.5.0)
    pastel (0.7.1)
      equatable (~> 0.5.0)
      tty-color (~> 0.4.0)
    terminal-table (1.8.0)
      unicode-display_width (~> 1.1, >= 1.1.1)
    tty-color (0.4.2)
    unicode-display_width (1.3.0)

PLATFORMS
  ruby

DEPENDENCIES
  pastel
  terminal-table

BUNDLED WITH
   1.15.1
